GEM
  remote: https://rubygems.org/
  specs:
    thrift (0.10.0.0)

PLATFORMS
  ruby

DEPENDENCIES
  thrift (~> 0.10.0.0)

BUNDLED WITH
   1.15.0
